PATH
  remote: .
  specs:
    text2vo (0.1.0)

GEM
  remote: https://rubygems.org/
  specs:
    ast (2.4.2)
    ffi (1.17.0-x86_64-darwin)
    json (2.7.4)
    language_server-protocol (3.17.0.3)
    logger (1.6.1)
    minitest (5.25.1)
    parallel (1.26.3)
    parser (3.3.5.0)
      ast (~> 2.4.1)
      racc
    prism (1.2.0)
    racc (1.8.1)
    rainbow (3.1.1)
    rake (13.2.1)
    rbs (3.6.1)
      logger
    regexp_parser (2.9.2)
    rubocop (1.67.0)
      json (~> 2.3)
      language_server-protocol (>= 3.17.0)
      parallel (~> 1.10)
      parser (>= 3.3.0.2)
      rainbow (>= 2.2.2, < 4.0)
      regexp_parser (>= 2.4, < 3.0)
      rubocop-ast (>= 1.32.2, < 2.0)
      ruby-progressbar (~> 1.7)
      unicode-display_width (>= 2.4.0, < 3.0)
    rubocop-ast (1.32.3)
      parser (>= 3.3.1.0)
    ruby-lsp (0.20.1)
      language_server-protocol (~> 3.17.0)
      prism (>= 1.2, < 2.0)
      rbs (>= 3, < 4)
      sorbet-runtime (>= 0.5.10782)
    ruby-progressbar (1.13.0)
    sorbet-runtime (0.5.11618)
    unicode-display_width (2.6.0)

PLATFORMS
  x86_64-darwin-21

DEPENDENCIES
  ffi (~> 1.17)
  minitest (~> 5.0)
  rake (~> 13.0)
  rubocop (~> 1.21)
  ruby-lsp (~> 0.20.1)
  text2vo!

BUNDLED WITH
   2.4.20
